GEM
  remote: http://rubygems.org/
  specs:
    beaver (1.4.4)
    chartkick (2.2.4)
    coderay (1.1.2)
    method_source (0.8.2)
    pry (0.10.4)
      coderay (~> 1.1.0)
      method_source (~> 0.8.1)
      slop (~> 3.4)
    rack (1.6.8)
    rack-protection (1.5.3)
      rack
    request-log-analyzer (1.13.4)
    sinatra (1.4.8)
      rack (~> 1.5)
      rack-protection (~> 1.4)
      tilt (>= 1.3, < 3)
    sinatra-paginate (0.1.0)
      sinatra
    slop (3.6.0)
    tilt (2.0.8)
    will_paginate (3.1.6)
    will_paginate-bootstrap (1.0.1)
      will_paginate (>= 3.0.3)

PLATFORMS
  ruby

DEPENDENCIES
  beaver
  chartkick
  pry
  request-log-analyzer
  sinatra (~> 1.4, >= 1.4.7)
  sinatra-paginate (~> 0.1.0)
  will_paginate
  will_paginate-bootstrap

BUNDLED WITH
   1.14.6
